NUGET
  remote: https://nuget.org/api/v2
  specs:
    EntityFramework (6.1.3) - framework: net40, >= net45, >= net451
    FAKE (3.30.2)
    FSharp.Compiler.Service (0.0.89)
    FSharp.Core (3.1.2.1)
    FSharp.Formatting (2.9.3)
      FSharp.Compiler.Service (>= 0.0.87)
      FSharpVSPowerTools.Core (1.8.0)
    FSharpVSPowerTools.Core (1.8.0)
      FSharp.Compiler.Service (>= 0.0.87)
    FsLexYacc (6.1.0)
      FsLexYacc.Runtime (>= 6.1.0)
    FsLexYacc.Runtime (6.1.0)
    MathNet.Numerics (3.6.0)
      TaskParallelLibrary (>= 1.0.2856) - framework: >= net35 < net40
    MathNet.Numerics.FSharp (3.6.0)
      FSharp.Core (>= 3.1.2.1)
      MathNet.Numerics (3.6.0)
    Microsoft.Bcl (1.1.10)
      Microsoft.Bcl.Build (>= 1.0.14)
    Microsoft.Bcl.Build (1.0.21)
    Microsoft.Net.Http (2.2.29)
      Microsoft.Bcl (>= 1.1.10)
      Microsoft.Bcl.Build (>= 1.0.14)
    MySql.Data (6.9.6)
    NUnit (2.6.4)
    NUnit.Runners (2.6.4)
    Octokit (0.10.0) - framework: >= net35 < net40
      Microsoft.Net.Http
    odp.net.x86 (112.3.20)
    SourceLink.Fake (0.5.0)
    System.Data.SQLite (1.0.96.0)
      System.Data.SQLite.Core (>= 1.0.96.0) - framework: net20, net40, >= net45, >= net451
      System.Data.SQLite.EF6 (>= 1.0.96.0) - framework: net40, >= net45, >= net451
      System.Data.SQLite.Linq (>= 1.0.96.0) - framework: net20, net40, >= net45, >= net451
    System.Data.SQLite.Core (1.0.96.0) - framework: net20, net40, >= net45, >= net451
    System.Data.SQLite.EF6 (1.0.96.0) - framework: net40, >= net45, >= net451
      EntityFramework (>= 6.1.2.0) - framework: net40, >= net45, >= net451
    System.Data.SQLite.Linq (1.0.96.0) - framework: net20, net40, >= net45, >= net451
    TaskParallelLibrary (1.0.2856.0) - framework: >= net35 < net40
GITHUB
  remote: fsharp/FAKE
  specs:
    modules/Octokit/Octokit.fsx (aeca22431512eabfbe2f4b0f3dcfd2790f0aaf1d)
      Octokit